ObjectType = Image
NDims = 3
BinaryData = True
BinaryDataByteOrderMSB = False
CompressedData = False
TransformMatrix = 1 0 0 0 1 0 0 0 1
Offset = 0 0 0
CenterOfRotation = 0 0 0
AnatomicalOrientation = RAI
ElementSpacing = 4.0117647058823529 4.0117647058823529 4.03125
DimSize = 256 256 129
ElementType = MET_INT
ElementDataFile = down256.raw
