ObjectType = Image
NDims = 3
BinaryData = True
BinaryDataByteOrderMSB = False
CompressedData = False
TransformMatrix = 1 0 0 0 1 0 0 0 1
Offset = 0 0 0
CenterOfRotation = 0 0 0
AnatomicalOrientation = RAI
ElementSpacing = 16.238095238095237 16.238095238095237 16.64516129032258
DimSize = 64 64 32
ElementType = MET_INT
ElementDataFile = down64.raw
