ObjectType = Image
NDims = 3
BinaryData = True
BinaryDataByteOrderMSB = False
CompressedData = False
TransformMatrix = 1 0 0 0 1 0 0 0 1
Offset = 0 0 0
CenterOfRotation = 0 0 0
AnatomicalOrientation = RAI
ElementSpacing = 8.0551181102362204 8.0551181102362204 8.0625
DimSize = 128 128 65
ElementType = MET_INT
ElementDataFile = down128.raw
